GEM
  remote: https://rubygems.org/
  specs:
    rack (1.5.2)
    rack-cors (0.2.8)
      rack
    shutterbug (0.0.9)
      rack

PLATFORMS
  ruby

DEPENDENCIES
  rack-cors
  shutterbug (~> 0.0.9)
