GIT
  remote: git://github.com/concord-consortium/shutterbug.git
  revision: a3cc2e8ff9ddd65a23f7eac7a1cff0534f703e4a
  tag: v0.0.6
  specs:
    shutterbug (0.0.6)
      rack

GEM
  remote: https://rubygems.org/
  specs:
    mina (0.2.1)
      open4
      rake
    open4 (1.3.0)
    rack (1.5.2)
    rack-cors (0.2.8)
      rack
    rake (10.1.0)

PLATFORMS
  ruby

DEPENDENCIES
  mina
  rack-cors
  shutterbug!
