GEM
  remote: https://rubygems.org/
  specs:
    kgio (2.8.1)
    rack (1.5.2)
    rack-cors (0.2.8)
      rack
    raindrops (0.12.0)
    shutterbug (0.0.11)
      rack
    unicorn (4.6.3)
      kgio (~> 2.6)
      rack
      raindrops (~> 0.7)

PLATFORMS
  ruby

DEPENDENCIES
  rack-cors
  shutterbug (~> 0.0.11)
  unicorn
