GEM
  remote: https://rubygems.org/
  specs:
    CFPropertyList (2.3.2)
    builder (3.2.2)
    excon (0.45.4)
    fission (0.5.0)
      CFPropertyList (~> 2.2)
    fog (1.34.0)
      fog-atmos
      fog-aws (>= 0.6.0)
      fog-brightbox (~> 0.4)
      fog-core (~> 1.32)
      fog-dynect (~> 0.0.2)
      fog-ecloud (~> 0.1)
      fog-google (>= 0.0.2)
      fog-json
      fog-local
      fog-powerdns (>= 0.1.1)
      fog-profitbricks
      fog-radosgw (>= 0.0.2)
      fog-riakcs
      fog-sakuracloud (>= 0.0.4)
      fog-serverlove
      fog-softlayer
      fog-storm_on_demand
      fog-terremark
      fog-vmfusion
      fog-voxel
      fog-xml (~> 0.1.1)
      ipaddress (~> 0.5)
      nokogiri (~> 1.5, >= 1.5.11)
    fog-atmos (0.1.0)
      fog-core
      fog-xml
    fog-aws (0.7.6)
      fog-core (~> 1.27)
      fog-json (~> 1.0)
      fog-xml (~> 0.1)
      ipaddress (~> 0.8)
    fog-brightbox (0.10.1)
      fog-core (~> 1.22)
      fog-json
      inflecto (~> 0.0.2)
    fog-core (1.32.1)
      builder
      excon (~> 0.45)
      formatador (~> 0.2)
      mime-types
      net-scp (~> 1.1)
      net-ssh (>= 2.1.3)
    fog-dynect (0.0.2)
      fog-core
      fog-json
      fog-xml
    fog-ecloud (0.3.0)
      fog-core
      fog-xml
    fog-google (0.1.1)
      fog-core
      fog-json
      fog-xml
    fog-json (1.0.2)
      fog-core (~> 1.0)
      multi_json (~> 1.10)
    fog-local (0.2.1)
      fog-core (~> 1.27)
    fog-powerdns (0.1.1)
      fog-core (~> 1.27)
      fog-json (~> 1.0)
      fog-xml (~> 0.1)
    fog-profitbricks (0.0.5)
      fog-core
      fog-xml
      nokogiri
    fog-radosgw (0.0.4)
      fog-core (>= 1.21.0)
      fog-json
      fog-xml (>= 0.0.1)
    fog-riakcs (0.1.0)
      fog-core
      fog-json
      fog-xml
    fog-sakuracloud (1.4.0)
      fog-core
      fog-json
    fog-serverlove (0.1.2)
      fog-core
      fog-json
    fog-softlayer (1.0.2)
      fog-core
      fog-json
    fog-storm_on_demand (0.1.1)
      fog-core
      fog-json
    fog-terremark (0.1.0)
      fog-core
      fog-xml
    fog-vmfusion (0.1.0)
      fission
      fog-core
    fog-voxel (0.1.0)
      fog-core
      fog-xml
    fog-xml (0.1.2)
      fog-core
      nokogiri (~> 1.5, >= 1.5.11)
    formatador (0.2.5)
    inflecto (0.0.2)
    ipaddress (0.8.0)
    kgio (2.10.0)
    mime-types (3.0)
      mime-types-data (~> 3.2015)
    mime-types-data (3.2015.1120)
    mini_portile (0.6.2)
    multi_json (1.11.2)
    net-scp (1.2.1)
      net-ssh (>= 2.6.5)
    net-ssh (3.0.1)
    newrelic_rpm (3.14.0.305)
    nokogiri (1.6.6.2)
      mini_portile (~> 0.6.0)
    rack (1.6.4)
    rack-cors (0.3.1)
    raindrops (0.15.0)
    shutterbug (0.5.9)
      fog
      rack
    unicorn (4.8.3)
      kgio (~> 2.6)
      rack
      raindrops (~> 0.7)

PLATFORMS
  ruby

DEPENDENCIES
  fog (= 1.34.0)
  fog-core (= 1.32.1)
  newrelic_rpm
  nokogiri (= 1.6.6.2)
  rack-cors (= 0.3.1)
  shutterbug (= 0.5.9)
  unicorn (~> 4.8.3)
