GEM
  remote: https://rubygems.org/
  specs:
    builder (3.2.2)
    excon (0.25.3)
    fog (1.15.0)
      builder
      excon (~> 0.25.0)
      formatador (~> 0.2.0)
      mime-types
      multi_json (~> 1.0)
      net-scp (~> 1.1)
      net-ssh (>= 2.1.3)
      nokogiri (~> 1.5)
      ruby-hmac
    formatador (0.2.4)
    kgio (2.8.1)
    mime-types (1.25)
    mini_portile (0.5.1)
    multi_json (1.8.0)
    net-scp (1.1.2)
      net-ssh (>= 2.6.5)
    net-ssh (2.7.0)
    newrelic_rpm (3.9.5.251)
    nokogiri (1.6.0)
      mini_portile (~> 0.5.0)
    rack (1.5.2)
    rack-cors (0.2.8)
      rack
    raindrops (0.12.0)
    ruby-hmac (0.4.0)
    shutterbug (0.1.1)
      fog
      rack
    unicorn (4.6.3)
      kgio (~> 2.6)
      rack
      raindrops (~> 0.7)

PLATFORMS
  ruby

DEPENDENCIES
  newrelic_rpm
  rack-cors
  shutterbug (~> 0.1.1)
  unicorn
